GEM
  remote: https://rubygems.org/
  specs:
    activesupport (3.2.14)
      i18n (~> 0.6, >= 0.6.4)
      multi_json (~> 1.0)
    backports (3.3.3)
    bindata (1.5.0)
    eventmachine (1.0.3)
    i18n (0.6.4)
    json-jwt (0.5.5)
      activesupport (< 4)
      bindata
      multi_json (>= 1.3)
      url_safe_base64
    kgio (2.8.0)
    multi_json (1.7.8)
    rack (1.5.2)
    rack-protection (1.5.0)
      rack
    rack-test (0.6.2)
      rack (>= 1.0)
    raindrops (0.11.0)
    sinatra (1.4.3)
      rack (~> 1.4)
      rack-protection (~> 1.4)
      tilt (~> 1.3, >= 1.3.4)
    sinatra-contrib (1.4.0)
      backports (>= 2.0)
      eventmachine
      rack-protection
      rack-test
      sinatra (~> 1.4.2)
      tilt (~> 1.3)
    tilt (1.4.1)
    unicorn (4.6.3)
      kgio (~> 2.6)
      rack
      raindrops (~> 0.7)
    url_safe_base64 (0.2.1)

PLATFORMS
  ruby

DEPENDENCIES
  json-jwt
  sinatra (~> 1.4.3)
  sinatra-contrib
  unicorn
